GEM
  remote: https://rubygems.org/
  specs:
    celluloid (0.15.2)
      timers (~> 1.1.0)
    celluloid-io (0.15.0)
      celluloid (>= 0.15.0)
      nio4r (>= 0.5.0)
    celluloid-redis (0.0.2)
      celluloid-io (>= 0.13.0.pre)
      redis
    httpclient (2.3.2)
    json (1.8.0)
    nio4r (0.5.0)
    redis (3.0.5)
    timers (1.1.0)

PLATFORMS
  ruby

DEPENDENCIES
  celluloid
  celluloid-io
  celluloid-redis
  httpclient
  json
  redis
